PATH
  remote: .
  specs:
    weatherfetch (0.0.0)
      geocoder (~> 1.6.3)
      httparty (~> 0.17)
      thor (~> 1.0.1)

GEM
  remote: https://rubygems.org/
  specs:
    coderay (1.1.3)
    geocoder (1.6.3)
    httparty (0.18.1)
      mime-types (~> 3.0)
      multi_xml (>= 0.5.2)
    method_source (1.0.0)
    mime-types (3.3.1)
      mime-types-data (~> 3.2015)
    mime-types-data (3.2020.0512)
    multi_xml (0.6.0)
    pry (0.13.1)
      coderay (~> 1.1)
      method_source (~> 1.0)
    thor (1.0.1)

PLATFORMS
  ruby

DEPENDENCIES
  pry (~> 0.13)
  weatherfetch!

RUBY VERSION
   ruby 2.7.1p83

BUNDLED WITH
   2.1.4
