PATH
  remote: .
  specs:
    weatherfetch (0.0.3)
      geocoder (~> 1.6.3)
      httparty (~> 0.17)
      rainbow (~> 3.0)
      terminal-table (~> 1.8.0)
      thor (~> 1.0.1)

GEM
  remote: https://rubygems.org/
  specs:
    coderay (1.1.3)
    geocoder (1.6.3)
    httparty (0.21.0)
      mini_mime (>= 1.0.0)
      multi_xml (>= 0.5.2)
    method_source (1.0.0)
    mini_mime (1.1.2)
    multi_xml (0.6.0)
    pry (0.13.1)
      coderay (~> 1.1)
      method_source (~> 1.0)
    rainbow (3.0.0)
    terminal-table (1.8.0)
      unicode-display_width (~> 1.1, >= 1.1.1)
    thor (1.0.1)
    unicode-display_width (1.7.0)

PLATFORMS
  ruby

DEPENDENCIES
  pry (~> 0.13)
  weatherfetch!

RUBY VERSION
   ruby 2.7.1p83

BUNDLED WITH
   2.1.4
